GEM
  remote: http://rubygems.org/
  specs:
    chunky_png (0.12.0)
    compass (0.10.6)
      haml (>= 3.0.4)
    haml (3.0.25)
    json (1.4.6)
    lemonade (0.3.4)
      chunky_png (>= 0.8.0)
      compass (>= 0.10.0)
      haml (>= 3.0.0)
    r18n-core (0.4.8)
    rack (1.2.1)
    sinatra (1.1.2)
      rack (~> 1.1)
      tilt (~> 1.2)
    sinatra-r18n (0.4.8)
      r18n-core (= 0.4.8)
    tilt (1.2.2)

PLATFORMS
  ruby

DEPENDENCIES
  haml
  json
  lemonade
  sinatra
  sinatra-r18n
