GEM
  remote: http://rubygems.org/
  specs:
    haml (3.1.4)
    json (1.6.3)
    r18n-core (0.4.12)
    rack (1.3.5)
    rack-protection (1.1.4)
      rack
    sinatra (1.3.1)
      rack (~> 1.3, >= 1.3.4)
      rack-protection (~> 1.1, >= 1.1.2)
      tilt (~> 1.3, >= 1.3.3)
    sinatra-r18n (0.4.12)
      r18n-core (= 0.4.12)
      sinatra (>= 1.3)
    tilt (1.3.3)

PLATFORMS
  ruby

DEPENDENCIES
  haml
  json
  sinatra
  sinatra-r18n
