GEM
  remote: http://rubygems.org/
  specs:
    haml (3.1.3)
    json (1.6.1)
    r18n-core (0.4.10)
    rack (1.3.3)
    sinatra (1.2.6)
      rack (~> 1.1)
      tilt (< 2.0, >= 1.2.2)
    sinatra-r18n (0.4.10)
      r18n-core (= 0.4.10)
      sinatra (>= 0.9)
    tilt (1.3.3)

PLATFORMS
  ruby

DEPENDENCIES
  haml
  json
  sinatra
  sinatra-r18n
